PATH
  remote: .
  specs:
    arql (0.1.6)
      activerecord (~> 6.0.3)
      activesupport (~> 6.0.3)
      mysql2 (~> 0.5.3)
      net-ssh-gateway (~> 2.0.0)
      pry (~> 0.13.1)
      pry-byebug (~> 3.9.0)
      pry-doc (~> 1.1.0)
      rainbow (~> 3.0.0)
      table_print (~> 1.5.6)
      terminal-table (~> 1.8.0)

GEM
  remote: https://rubygems.org/
  specs:
    activemodel (6.0.3)
      activesupport (= 6.0.3)
    activerecord (6.0.3)
      activemodel (= 6.0.3)
      activesupport (= 6.0.3)
    activesupport (6.0.3)
      concurrent-ruby (~> 1.0, >= 1.0.2)
      i18n (>= 0.7, < 2)
      minitest (~> 5.1)
      tzinfo (~> 1.1)
      zeitwerk (~> 2.2, >= 2.2.2)
    byebug (11.1.3)
    coderay (1.1.2)
    concurrent-ruby (1.1.6)
    i18n (1.8.2)
      concurrent-ruby (~> 1.0)
    method_source (1.0.0)
    minitest (5.14.0)
    mysql2 (0.5.3)
    net-ssh (6.0.2)
    net-ssh-gateway (2.0.0)
      net-ssh (>= 4.0.0)
    pry (0.13.1)
      coderay (~> 1.1)
      method_source (~> 1.0)
    pry-byebug (3.9.0)
      byebug (~> 11.0)
      pry (~> 0.13.0)
    pry-doc (1.1.0)
      pry (~> 0.11)
      yard (~> 0.9.11)
    rainbow (3.0.0)
    rake (12.3.3)
    table_print (1.5.6)
    terminal-table (1.8.0)
      unicode-display_width (~> 1.1, >= 1.1.1)
    thread_safe (0.3.6)
    tzinfo (1.2.7)
      thread_safe (~> 0.1)
    unicode-display_width (1.7.0)
    yard (0.9.25)
    zeitwerk (2.3.0)

PLATFORMS
  ruby

DEPENDENCIES
  arql!
  rake (~> 12.0)

BUNDLED WITH
   2.1.2
